GEM
  remote: https://rubygems.org/
  specs:
    cowsay (0.3.0)
    httparty (0.21.0)
      mini_mime (>= 1.0.0)
      multi_xml (>= 0.5.2)
    mini_mime (1.1.5)
    multi_xml (0.6.0)
    rack (3.0.8)

PLATFORMS
  ruby
  x86_64-linux

DEPENDENCIES
  cowsay (~> 0.3.0)
  httparty (~> 0.21.0)
  rack

RUBY VERSION
   ruby 2.7.1p83

BUNDLED WITH
   2.4.17
